GEM
  specs:
    aws-sdk (2.1.17)
      aws-sdk-resources (= 2.1.17)
    aws-sdk-core (2.1.17)
      jmespath (~> 1.0)
    aws-sdk-resources (2.1.17)
      aws-sdk-core (= 2.1.17)
    jmespath (1.0.2)
      multi_json (~> 1.0)
    multi_json (1.11.0)

PLATFORMS
  ruby

DEPENDENCIES
  aws-sdk (~> 2)
